GEM
  remote: https://rubygems.org/
  specs:
    cuba (3.3.0)
      rack
    cutest (1.2.1)
    rack (1.5.2)
    rack-protection (1.5.3)
      rack

PLATFORMS
  ruby

DEPENDENCIES
  cuba
  cutest
  rack-protection
