GEM
  remote: https://rubygems.org/
  specs:
    coderay (1.1.0)
    commander (4.3.4)
      highline (~> 1.7.2)
    highline (1.7.2)
    httparty (0.13.5)
      json (~> 1.8)
      multi_xml (>= 0.5.2)
    json (1.8.2)
    method_source (0.8.2)
    multi_xml (0.5.5)
    pry (0.10.1)
      coderay (~> 1.1.0)
      method_source (~> 0.8.1)
      slop (~> 3.4)
    slop (3.6.0)
    terminal-table (1.4.5)

PLATFORMS
  ruby

DEPENDENCIES
  commander
  httparty
  pry
  terminal-table
