GEM
  remote: https://rubygems.org/
  specs:
    clap (1.0.0)
    coderay (1.1.0)
    commander (4.3.0)
      highline (~> 1.6.11)
    cutest (1.2.2)
      clap
    dotenv (2.0.0)
    dotenv-rails (2.0.0)
      dotenv (= 2.0.0)
    highline (1.6.21)
    hiredis (0.6.0)
    httparty (0.13.3)
      json (~> 1.8)
      multi_xml (>= 0.5.2)
    json (1.8.2)
    method_source (0.8.2)
    msgpack (0.5.11)
    multi_xml (0.5.5)
    nido (0.0.1)
    ohm (2.0.1)
      msgpack
      nido
      redic
    pry (0.10.1)
      coderay (~> 1.1.0)
      method_source (~> 0.8.1)
      slop (~> 3.4)
    redic (1.4.1)
      hiredis
    slop (3.6.0)
    terminal-table (1.4.5)

PLATFORMS
  ruby

DEPENDENCIES
  commander
  cutest
  dotenv-rails
  httparty
  ohm (~> 2.0.1)
  pry
  terminal-table
