PATH
  remote: .
  specs:
    patodo (1.0.0)
      commander (~> 4.3)
      httparty (~> 0.13)
      terminal-table (~> 1.5)

GEM
  remote: https://rubygems.org/
  specs:
    commander (4.3.5)
      highline (~> 1.7.2)
    highline (1.7.8)
    httparty (0.13.7)
      json (~> 1.8)
      multi_xml (>= 0.5.2)
    json (1.8.3)
    multi_xml (0.5.5)
    terminal-table (1.5.2)

PLATFORMS
  ruby

DEPENDENCIES
  patodo!

BUNDLED WITH
   1.10.6
