GEM
  remote: https://rubygems.org/
  specs:
    commander (4.3.4)
      highline (~> 1.7.2)
    highline (1.7.2)
    httparty (0.13.5)
      json (~> 1.8)
      multi_xml (>= 0.5.2)
    json (1.8.2)
    multi_xml (0.5.5)
    terminal-table (1.4.5)

PLATFORMS
  ruby

DEPENDENCIES
  commander
  httparty
  json
  terminal-table
